PATH
  remote: vendor/rumbster
  specs:
    rumbster (1.0.0)
      mail

GEM
  remote: http://rubygems.org/
  specs:
    i18n (0.6.0)
    json (1.6.5)
    mail (2.4.0)
      i18n (>= 0.4.0)
      mime-types (~> 1.16)
      treetop (~> 1.4.8)
    mime-types (1.17.2)
    polyglot (0.3.3)
    redis (2.2.2)
    treetop (1.4.10)
      polyglot
      polyglot (>= 0.3.1)

PLATFORMS
  ruby

DEPENDENCIES
  json (~> 1.6.5)
  mail (~> 2.4.0)
  redis (~> 2.2.2)
  rumbster!
