GEM
  remote: http://rubygems.org/
  specs:
    git (1.2.5)
    i18n (0.6.0)
    jeweler (1.6.2)
      bundler (~> 1.0)
      git (>= 1.2.5)
      rake
    mail (2.3.0)
      i18n (>= 0.4.0)
      mime-types (~> 1.16)
      treetop (~> 1.4.8)
    mime-types (1.16)
    polyglot (0.3.1)
    rake (0.9.2)
    rcov (0.9.9)
    rcov (0.9.9-java)
    rdoc (3.6.1)
    treetop (1.4.9)
      polyglot (>= 0.3.1)

PLATFORMS
  java
  ruby

DEPENDENCIES
  bundler (~> 1.0.0)
  jeweler (~> 1.6.2)
  mail
  rcov
  rdoc
